{
  "AcquisitionMatrixPE": 64,
  "AcquisitionNumber": 1,
  "AcquisitionTime": "12:18:27.162500",
  "BandwidthPerPixelPhaseEncode": 63.776,
  "BaseResolution": 64,
  "BodyPartExamined": "BRAIN",
  "CoilString": "HC1-7;NC1_2",
  "ConsistencyInfo": "N4_VE11C_LATEST_20160120",
  "ConversionSoftware": "dcm2niix",
  "ConversionSoftwareVersion": "v1.0.20190410  GCC6.3.0",
  "DerivedVendorReportedEchoSpacing": 0.000489996,
  "DeviceSerialNumber": "167045",
  "DwellTime": 3e-06,
  "EchoTime": 0.029,
  "EchoTrainLength": 31,
  "EffectiveEchoSpacing": 0.000244998,
  "FlipAngle": 90,
  "ImageOrientationPatientDICOM": [0.999204, 0.00297844, 0.0397913, -2.13596e-08, 0.99721, -0.0746421],
  "ImageType": [
    "ORIGINAL",
    "PRIMARY",
    "M",
    "ND",
    "MOSAIC"
],
  "ImagingFrequency": 123.26,
  "InPlanePhaseEncodingDirectionDICOM": "COL",
  "InstitutionAddress": "De_Pintelaan_185_Gent_District_BE_9000",
  "InstitutionName": "Experimental_Psychology",
  "InstitutionalDepartmentName": "Department",
  "MRAcquisitionType": "2D",
  "MagneticFieldStrength": 3,
  "Manufacturer": "Siemens",
  "ManufacturersModelName": "Prisma_fit",
  "Modality": "MR",
  "ParallelReductionFactorInPlane": 2,
  "PartialFourier": 1,
  "PatientPosition": "HFS",
  "PercentPhaseFOV": 100,
  "PhaseEncodingDirection": "j-",
  "PhaseEncodingSteps": 63,
  "PhaseResolution": 1,
  "PixelBandwidth": 2605,
  "ProcedureStepDescription": "MR_hersenen_(structuur_alleen)",
  "ProtocolName": "ep2d_main_effort",
  "PulseSequenceDetails": "%SiemensSeq%_ep2d_bold",
  "ReceiveCoilActiveElements": "HC1-7;NC1,2",
  "ReceiveCoilName": "HeadNeck_64",
  "ReconMatrixPE": 64,
  "RefLinesPE": 24,
  "RepetitionTime": 2,
  "SAR": 0.107843,
  "ScanOptions": "FS",
  "ScanningSequence": "EP",
  "SequenceName": "_epfid2d1_64",
  "SequenceVariant": "SK",
  "SeriesDescription": "ep2d_main_effort",
  "SeriesNumber": 6,
  "ShimSetting": [5147, -7517, -7740, 440, -120, 25, 39, 21],
  "SliceThickness": 3.5,
  "SliceTiming": [0.99, 0, 1.0425, 0.0525, 1.0925, 0.1025, 1.145, 0.155, 1.1975, 0.2075, 1.25, 0.26, 1.3025, 0.3125, 1.355, 0.365, 1.405, 0.415, 1.4575, 0.4675, 1.51, 0.52, 1.5625, 0.5725, 1.615, 0.625, 1.6675, 0.6775, 1.7175, 0.73, 1.77, 0.78, 1.8225, 0.8325, 1.875, 0.885, 1.9275, 0.9375],
  "SoftwareVersions": "syngo_MR_E11",
  "SpacingBetweenSlices": 3.85,
  "StationName": "AWP167045",
  "TaskName": "effort",
  "TotalReadoutTime": 0.0154349,
  "TxRefAmp": 240.534}