{
  "AcquisitionMatrixPE": 64,
  "AcquisitionNumber": 1,
  "AcquisitionTime": "10:58:46.992500",
  "BaseResolution": 64,
  "BodyPartExamined": "BRAIN",
  "CoilString": "HC1-7;NC1_2",
  "ConsistencyInfo": "N4_VE11C_LATEST_20160120",
  "ConversionSoftware": "dcm2niix",
  "ConversionSoftwareVersion": "v1.0.20190410  GCC6.3.0",
  "DeviceSerialNumber": "167045",
  "DwellTime": 2.92e-05,
  "EchoNumber": 1,
  "EchoTime": 0.00492,
  "FlipAngle": 60,
  "ImageOrientationPatientDICOM": [
    0.999987,
    -0.000757704,
    -0.00497028,
    -2.415e-12,
    0.988579,
    -0.150706
  ],
  "ImageType": [
    "ORIGINAL",
    "PRIMARY",
    "M",
    "ND"
  ],
  "ImagingFrequency": 123.26,
  "InPlanePhaseEncodingDirectionDICOM": "ROW",
  "InstitutionAddress": "De_Pintelaan_185_Gent_District_BE_9000",
  "InstitutionName": "Experimental_Psychology",
  "InstitutionalDepartmentName": "Department",
  "MRAcquisitionType": "2D",
  "MagneticFieldStrength": 3,
  "Manufacturer": "Siemens",
  "ManufacturersModelName": "Prisma_fit",
  "Modality": "MR",
  "PartialFourier": 1,
  "PatientPosition": "HFS",
  "PercentPhaseFOV": 100,
  "PhaseEncodingDirection": "i",
  "PhaseEncodingSteps": 64,
  "PhaseResolution": 1,
  "PixelBandwidth": 270,
  "ProcedureStepDescription": "MR_hersenen_(structuur_alleen)",
  "ProtocolName": "FIELDMAP_siemens",
  "PulseSequenceDetails": "%SiemensSeq%_gre_field_mapping",
  "ReceiveCoilActiveElements": "HC1-7;NC1,2",
  "ReceiveCoilName": "HeadNeck_64",
  "ReconMatrixPE": 64,
  "RepetitionTime": 0.412,
  "SAR": 0.110728,
  "ScanningSequence": "GR",
  "SequenceName": "_fm2d2r",
  "SequenceVariant": "SP",
  "SeriesDescription": "FIELDMAP_siemens",
  "SeriesNumber": 5,
  "ShimSetting": [
    5139,
    -7484,
    -7723,
    407,
    -211,
    -130,
    -58,
    12
  ],
  "SliceThickness": 3.5,
  "SoftwareVersions": "syngo_MR_E11",
  "SpacingBetweenSlices": 3.85,
  "StationName": "AWP167045",
  "TxRefAmp": 246.906
}