{
  "AcquisitionMatrixPE": 64,
  "AcquisitionNumber": 1,
  "AcquisitionTime": "20:31:20.525000",
  "BaseResolution": 64,
  "BodyPartExamined": "BRAIN",
  "CoilString": "HC1-7;NC1_2",
  "ConsistencyInfo": "N4_VE11C_LATEST_20160120",
  "ConversionSoftware": "dcm2niix",
  "ConversionSoftwareVersion": "v1.0.20190410  GCC6.3.0",
  "DeviceSerialNumber": "167045",
  "DwellTime": 2.92e-05,
  "EchoNumber": 2,
  "EchoTime": 0.00738,
  "EchoTime1": 0.00492,
  "EchoTime2": 0.00738,
  "FlipAngle": 60,
  "ImageOrientationPatientDICOM": [0.99988, 0.00273789, 0.0152147, -1.09801e-10, 0.984192, -0.177106],
  "ImageType": [
    "ORIGINAL",
    "PRIMARY",
    "P",
    "ND"
],
  "ImagingFrequency": 123.26,
  "InPlanePhaseEncodingDirectionDICOM": "ROW",
  "InstitutionAddress": "De_Pintelaan_185_Gent_District_BE_9000",
  "InstitutionName": "UZ_Gent",
  "InstitutionalDepartmentName": "Department",
  "MRAcquisitionType": "2D",
  "MagneticFieldStrength": 3,
  "Manufacturer": "Siemens",
  "ManufacturersModelName": "Prisma_fit",
  "Modality": "MR",
  "PartialFourier": 1,
  "PatientPosition": "HFS",
  "PercentPhaseFOV": 100,
  "PhaseEncodingDirection": "i",
  "PhaseEncodingSteps": 64,
  "PhaseResolution": 1,
  "PixelBandwidth": 270,
  "ProcedureStepDescription": "MR_hersenen_(structuur_alleen)_O",
  "ProtocolName": "FIELDMAP_siemens",
  "PulseSequenceDetails": "%SiemensSeq%_gre_field_mapping",
  "ReceiveCoilActiveElements": "HC1-7;NC1,2",
  "ReceiveCoilName": "HeadNeck_64",
  "ReconMatrixPE": 64,
  "RepetitionTime": 0.412,
  "SAR": 0.099951,
  "ScanningSequence": "GR",
  "SequenceName": "_fm2d2r",
  "SequenceVariant": "SP",
  "SeriesDescription": "FIELDMAP_siemens",
  "SeriesNumber": 4,
  "ShimSetting": [5154, -7436, -7734, 178, -144, -18, -239, 19],
  "SliceThickness": 3.5,
  "SoftwareVersions": "syngo_MR_E11",
  "SpacingBetweenSlices": 3.85,
  "StationName": "AWP167045",
  "TxRefAmp": 206.132}