{
  "AcquisitionMatrixPE": 64,
  "AcquisitionNumber": 1,
  "AcquisitionTime": "16:19:17.337500",
  "BandwidthPerPixelPhaseEncode": 63.776,
  "BaseResolution": 64,
  "BodyPartExamined": "BRAIN",
  "CoilString": "HC1_2_4-7;NC1_2",
  "ConsistencyInfo": "N4_VE11C_LATEST_20160120",
  "ConversionSoftware": "dcm2niix",
  "ConversionSoftwareVersion": "v1.0.20190410  GCC6.3.0",
  "DerivedVendorReportedEchoSpacing": 0.000489996,
  "DeviceSerialNumber": "167045",
  "DwellTime": 3e-06,
  "EchoTime": 0.029,
  "EchoTrainLength": 31,
  "EffectiveEchoSpacing": 0.000244998,
  "FlipAngle": 90,
  "ImageOrientationPatientDICOM": [0.998891, 0.00164319, 0.0470548, -2.41116e-10, 0.999391, -0.0348995],
  "ImageType": [
    "ORIGINAL",
    "PRIMARY",
    "M",
    "ND",
    "MOSAIC"
],
  "ImagingFrequency": 123.26,
  "InPlanePhaseEncodingDirectionDICOM": "COL",
  "InstitutionAddress": "De_Pintelaan_185_Gent_District_BE_9000",
  "InstitutionName": "Experimental_Psychology",
  "InstitutionalDepartmentName": "Department",
  "MRAcquisitionType": "2D",
  "MagneticFieldStrength": 3,
  "Manufacturer": "Siemens",
  "ManufacturersModelName": "Prisma_fit",
  "Modality": "MR",
  "ParallelReductionFactorInPlane": 2,
  "PartialFourier": 1,
  "PatientPosition": "HFS",
  "PercentPhaseFOV": 100,
  "PhaseEncodingDirection": "j-",
  "PhaseEncodingSteps": 63,
  "PhaseResolution": 1,
  "PixelBandwidth": 2605,
  "ProcedureStepDescription": "MR_hersenen_(structuur_alleen)",
  "ProtocolName": "ep2d_1_back",
  "PulseSequenceDetails": "%SiemensSeq%_ep2d_bold",
  "ReceiveCoilActiveElements": "HC1,2,4-7;NC1,2",
  "ReceiveCoilName": "HeadNeck_64",
  "ReconMatrixPE": 64,
  "RefLinesPE": 24,
  "RepetitionTime": 2,
  "SAR": 0.128903,
  "ScanOptions": "FS",
  "ScanningSequence": "EP",
  "SequenceName": "_epfid2d1_64",
  "SequenceVariant": "SK",
  "SeriesDescription": "ep2d_1_back",
  "SeriesNumber": 6,
  "ShimSetting": [5135, -7528, -7738, 507, -160, -14, 237, -24],
  "SliceThickness": 3.5,
  "SliceTiming": [0.99, 0, 1.0425, 0.0525, 1.095, 0.105, 1.1475, 0.1575, 1.2, 0.21, 1.25, 0.26, 1.3025, 0.3125, 1.355, 0.365, 1.4075, 0.4175, 1.46, 0.47, 1.5125, 0.5225, 1.5625, 0.5725, 1.615, 0.625, 1.6675, 0.6775, 1.72, 0.73, 1.7725, 0.7825, 1.825, 0.835, 1.875, 0.8875, 1.9275, 0.9375],
  "SoftwareVersions": "syngo_MR_E11",
  "SpacingBetweenSlices": 3.85,
  "StationName": "AWP167045",
  "TaskName": "1back",
  "TotalReadoutTime": 0.0154349,
  "TxRefAmp": 237.742}